PATH
  remote: .
  specs:
    solano (1.31.11)
      addressable (~> 2.3)
      highline (~> 1.7.3)
      json (~> 1.8.3)
      launchy (~> 2.4)
      nayutaya-msgpack-pure (~> 0.0, >= 0.0.2)
      public_suffix (~> 1.4.6)
      tddium_client (~> 0.6, >= 0.6.5)
      thor

GEM
  remote: https://rubygems.org/
  specs:
    addressable (2.4.0)
    antilles (0.1.4)
      bundler
      daemons
      httparty
      json
      mimic
    aruba (0.4.6)
      bcat (>= 0.6.1)
      childprocess (>= 0.2.0)
      cucumber (>= 1.0.2)
      rdiscount (>= 1.6.8)
      rspec (>= 2.6.0)
    bcat (0.6.2)
      rack (~> 1.0)
    builder (3.2.3)
    childprocess (0.7.1)
      ffi (~> 1.0, >= 1.0.11)
    cucumber (1.3.20)
      builder (>= 2.1.2)
      diff-lcs (>= 1.1.3)
      gherkin (~> 2.12)
      multi_json (>= 1.7.5, < 2.0)
      multi_test (>= 0.1.2)
    daemons (1.2.4)
    diff-lcs (1.3)
    docile (1.1.5)
    eventmachine (1.2.5)
    fakefs (0.11.2)
    ffi (1.9.25)
    gherkin (2.12.2)
      multi_json (~> 1.3)
    highline (1.7.10)
    httparty (0.10.2)
      multi_json (~> 1.0)
      multi_xml (>= 0.5.2)
    httpclient (2.4.0)
    json (1.8.6)
    launchy (2.4.3)
      addressable (~> 2.3)
    mimic (0.4.4)
      json
      plist (~> 3.1.0)
      rack
      sinatra
      thin
    multi_json (1.12.2)
    multi_test (0.1.2)
    multi_xml (0.6.0)
    nayutaya-msgpack-pure (0.0.2)
    pickle (0.5.3)
      cucumber (>= 0.8)
      rake
    plist (3.1.0)
    public_suffix (1.4.6)
    rack (1.6.11)
    rack-protection (1.5.3)
      rack
    rake (10.5.0)
    rdiscount (1.6.8)
    rspec (3.6.0)
      rspec-core (~> 3.6.0)
      rspec-expectations (~> 3.6.0)
      rspec-mocks (~> 3.6.0)
    rspec-core (3.6.0)
      rspec-support (~> 3.6.0)
    rspec-expectations (3.6.0)
      diff-lcs (>= 1.2.0, < 2.0)
      rspec-support (~> 3.6.0)
    rspec-mocks (3.6.0)
      diff-lcs (>= 1.2.0, < 2.0)
      rspec-support (~> 3.6.0)
    rspec-support (3.6.0)
    simplecov (0.15.1)
      docile (~> 1.1.0)
      json (>= 1.8, < 3)
      simplecov-html (~> 0.10.0)
    simplecov-html (0.10.2)
    sinatra (1.4.8)
      rack (~> 1.5)
      rack-protection (~> 1.4)
      tilt (>= 1.3, < 3)
    tddium_client (0.6.5)
      httpclient (>= 2.2.5)
      json
    thin (1.7.2)
      daemons (~> 1.0, >= 1.0.9)
      eventmachine (~> 1.0, >= 1.0.4)
      rack (>= 1, < 3)
    thor (0.20.3)
    tilt (2.0.8)

PLATFORMS
  ruby

DEPENDENCIES
  antilles (~> 0.1)
  aruba (= 0.4.6)
  cucumber (~> 1.3)
  daemons (~> 1.1)
  fakefs (~> 0.6)
  httparty (~> 0.10.0)
  httpclient (= 2.4.0)
  mimic (~> 0.4)
  pickle (~> 0.5)
  rake (~> 10.4)
  rdiscount (= 1.6.8)
  rspec (~> 3.1)
  simplecov (~> 0.9)
  solano!

BUNDLED WITH
   1.16.6
